GEM
  remote: http://rubygems.org/
  specs:
    celluloid (0.16.0.pre)
      timers (~> 2.0.0)
    coderay (1.1.0)
    hitimes (1.2.1)
    method_source (0.8.2)
    oj (2.8.1)
    pry (0.9.12.6)
      coderay (~> 1.0)
      method_source (~> 0.8)
      slop (~> 3.4)
    rice (1.6.0)
    slop (3.5.0)
    timers (2.0.0)
      hitimes

PLATFORMS
  ruby

DEPENDENCIES
  celluloid
  oj
  pry
  rice
